PATH
  remote: .
  specs:
    incite (0.0.1)

GEM
  remote: http://rubygems.org/
  specs:
    dust (0.1.6)
    rake (13.0.1)

PLATFORMS
  ruby

DEPENDENCIES
  dust (~> 0.1.6)
  incite!
  rake (~> 13.0.1)
