PATH
  remote: .
  specs:
    Incite (0.0.1)

GEM
  remote: http://rubygems.org/
  specs:
    dust (0.1.6)

PLATFORMS
  ruby

DEPENDENCIES
  Incite!
  dust
