GEM
  remote: http://rubygems.org/
  specs:
    dust (0.1.6)

PLATFORMS
  ruby

DEPENDENCIES
  dust
