PATH
  remote: .
  specs:
    Incite (0.0.1)

GEM
  remote: http://rubygems.org/
  specs:
    dust (0.1.6)
    rake (0.9.2.2)

PLATFORMS
  ruby

DEPENDENCIES
  Incite!
  dust
  rake (~> 0.9.2.2)
